NRRD0005
# VoluMatrix intensity volume (simple writer)
type: short
dimension: 3
sizes: 512 512 195
encoding: raw
endian: little
space: right-anterior-superior
space directions: (1,0,0) (0,1,0) (0,0,1)
space origin: (0,0,0)
data file: patient1.raw
