NRRD0005
# VoluMatrix intensity volume (simple, no orientation)
type: short
dimension: 3
sizes: 512 512 195
encoding: raw
endian: little
data file: patient1.raw
